NUGET
  remote: https://www.nuget.org/api/v2
    FParsec (1.0.2)
    FSharp.Collections.ParallelSeq (1.0.2)
    FSharp.Core (4.0.0.1)
    MathNet.Numerics (3.13.1)
      TaskParallelLibrary (>= 1.0.2856) - framework: net35
    MathNet.Numerics.FSharp (3.13.1)
      FSharp.Core (>= 3.1.2.5)
      MathNet.Numerics (3.13.1)
    TaskParallelLibrary (1.0.2856) - framework: net35
