NUGET
  remote: https://www.nuget.org/api/v2
    FParsec (1.0.2)
    FSharp.Collections.ParallelSeq (1.0.2)
